GEM
  remote: https://rubygems.org/
  specs:
    coderay (1.1.2)
    dotenv (2.6.0)
    method_source (0.9.2)
    mini_portile2 (2.4.0)
    mustermann (1.0.3)
    nokogiri (1.10.1)
      mini_portile2 (~> 2.4.0)
    pry (0.12.2)
      coderay (~> 1.1.0)
      method_source (~> 0.9.0)
    rack (2.0.6)
    rack-protection (2.0.5)
      rack
    shotgun (0.9.2)
      rack (>= 1.0)
    sinatra (2.0.5)
      mustermann (~> 1.0)
      rack (~> 2.0)
      rack-protection (= 2.0.5)
      tilt (~> 2.0)
    tilt (2.0.9)

PLATFORMS
  ruby

DEPENDENCIES
  dotenv
  nokogiri
  pry
  shotgun
  sinatra

BUNDLED WITH
   2.0.1
