GEM
  remote: https://rubygems.org/
  specs:
    coderay (1.1.3)
    dotenv (2.8.1)
    method_source (1.0.0)
    mini_portile2 (2.8.0)
    mustermann (3.0.0)
      ruby2_keywords (~> 0.0.1)
    nokogiri (1.13.9)
      mini_portile2 (~> 2.8.0)
      racc (~> 1.4)
    pry (0.14.1)
      coderay (~> 1.1)
      method_source (~> 1.0)
    racc (1.6.0)
    rack (2.2.4)
    rack-protection (3.0.2)
      rack
    ruby2_keywords (0.0.5)
    shotgun (0.9.2)
      rack (>= 1.0)
    sinatra (3.0.2)
      mustermann (~> 3.0)
      rack (~> 2.2, >= 2.2.4)
      rack-protection (= 3.0.2)
      tilt (~> 2.0)
    tilt (2.0.11)

PLATFORMS
  ruby

DEPENDENCIES
  dotenv
  nokogiri
  pry
  shotgun
  sinatra

RUBY VERSION
   ruby 2.7.4p191

BUNDLED WITH
   2.2.23
